GIT
  remote: git://github.com/rankin/savon.git
  revision: b279032982de15ad6b32578afb3db027c9211859
  specs:
    savon (2.1.0)
      akami (~> 1.2.0)
      builder (>= 2.1.2)
      gyoku (~> 1.0.0)
      httpi (~> 2.0.2)
      nokogiri (>= 1.4.0)
      nori (~> 2.0.3)
      wasabi (~> 3.0.0)

GEM
  remote: http://rubygems.org/
  specs:
    activemodel (3.2.13)
      activesupport (= 3.2.13)
      builder (~> 3.0.0)
    activerecord (3.2.13)
      activemodel (= 3.2.13)
      activesupport (= 3.2.13)
      arel (~> 3.0.2)
      tzinfo (~> 0.3.29)
    activesupport (3.2.13)
      i18n (= 0.6.1)
      multi_json (~> 1.0)
    addressable (2.3.5)
    akami (1.2.0)
      gyoku (>= 0.4.0)
      nokogiri (>= 1.4.0)
    arel (3.0.2)
    builder (3.0.0)
    coderay (1.0.9)
    cookiejar (0.3.0)
    em-http-request (1.1.1)
      addressable (>= 2.3.4)
      cookiejar
      em-socksify (>= 0.3)
      eventmachine (>= 1.0.3)
      http_parser.rb (>= 0.6.0.beta.2)
    em-socksify (0.3.0)
      eventmachine (>= 1.0.0.beta.4)
    em-synchrony (1.0.3)
      eventmachine (>= 1.0.0.beta.1)
    em-zimbreasy (0.0.8)
      em-http-request
      em-synchrony
      icalendar
      nokogiri
      test-unit
    eventmachine (1.0.3)
    gyoku (1.0.0)
      builder (>= 2.1.2)
    http_parser.rb (0.6.0.beta.2)
    httpi (2.0.2)
      rack
    i18n (0.6.1)
    icalendar (1.4.3)
    method_source (0.8.2)
    mini_portile (0.5.1)
    multi_json (1.8.2)
    nokogiri (1.6.0)
      mini_portile (~> 0.5.0)
    nori (2.0.4)
    pry (0.9.12.2)
      coderay (~> 1.0.5)
      method_source (~> 0.8)
      slop (~> 3.4)
    rack (1.5.2)
    slop (3.4.6)
    test-unit (2.5.5)
    tzinfo (0.3.37)
    wasabi (3.0.0)
      httpi (~> 2.0)
      nokogiri (>= 1.4.0)

PLATFORMS
  ruby

DEPENDENCIES
  activerecord (= 3.2.13)
  activesupport (= 3.2.13)
  builder (= 3.0.0)
  em-zimbreasy
  icalendar
  pry
  savon!
